GIT
  remote: https://github.com/mikekelly/bitcoiner.git
  revision: 7f514dffb181b4b94b17bdd8f42eaffca1c06f26
  specs:
    bitcoiner (0.2.1)
      addressable
      typhoeus (~> 1.3.0)

GEM
  remote: https://rubygems.org/
  specs:
    addressable (2.7.0)
      public_suffix (>= 2.0.2, < 5.0)
    coderay (1.1.3)
    ethon (0.12.0)
      ffi (>= 1.3.0)
    ffi (1.14.2)
    method_source (1.0.0)
    pry (0.13.1)
      coderay (~> 1.1)
      method_source (~> 1.0)
    public_suffix (4.0.6)
    typhoeus (1.3.1)
      ethon (>= 0.9.0)

PLATFORMS
  x86_64-linux-musl

DEPENDENCIES
  bitcoiner!
  pry (~> 0.13.1)

BUNDLED WITH
   2.2.3
